GEM
  remote: https://rubygems.org/
  specs:
    json (2.5.1)
    minitest (5.15.0)

PLATFORMS
  x86_64-darwin-19

DEPENDENCIES
  json
  minitest

BUNDLED WITH
   2.2.29
